PATH
  remote: ../dgd-tools
  specs:
    dgd-tools (0.1.1)

GEM
  remote: https://rubygems.org/
  specs:

PLATFORMS
  ruby

DEPENDENCIES
  dgd-tools!

BUNDLED WITH
   2.1.2
