PATH
  remote: ../DidGood
  specs:
    didgood (0.1.0)

GEM
  remote: https://rubygems.org/
  specs:

PLATFORMS
  ruby

DEPENDENCIES
  didgood!

BUNDLED WITH
   2.1.2
