PATH
  remote: ../dgd-tools
  specs:
    dgd-tools (0.1.7)
      nokogiri (~> 1.10.5)

GEM
  remote: https://rubygems.org/
  specs:
    mini_portile2 (2.4.0)
    nokogiri (1.10.10)
      mini_portile2 (~> 2.4.0)

PLATFORMS
  ruby

DEPENDENCIES
  dgd-tools!

BUNDLED WITH
   2.1.2
